GEM
  specs:
    crack (0.1.8)
    god (0.9.0)
    json (1.5.1)
    pusher (0.5.3)
      crack
      json
      ruby-hmac
      signature
    ruby-hmac (0.4.0)
    signature (0.1.0)
      ruby-hmac

PLATFORMS
  ruby

DEPENDENCIES
  god
  json
  pusher
